GIT
  remote: https://github.com/3ofcoins/opscode-omnibus-ruby/
  revision: 27947183203b8bcceb916cc84b101bc3026870b6
  branch: master
  specs:
    omnibus (1.2.0)
      fpm (~> 0.4.33)
      mixlib-config (~> 1.1.2)
      mixlib-shellout (~> 1.0)
      ohai (>= 0.6.12)
      rake (>= 0.9)
      thor (>= 0.16.0)
      uber-s3

GIT
  remote: https://github.com/3ofcoins/opscode-omnibus-software.git
  revision: bc89348cd467202502ec1a26cc59e523c6667165
  branch: for/idk
  specs:
    omnibus-software (0.0.1)

PATH
  remote: files/idk-cli
  specs:
    idk-cli (0.0.1.UNSPECIFIED)
      minigit (~> 0.0.4)
      thor (~> 0.18.1)

GEM
  remote: https://rubygems.org/
  specs:
    addressable (2.3.5)
    arr-pm (0.0.8)
      cabin (> 0)
    backports (3.3.3)
    cabin (0.6.1)
    childprocess (0.3.9)
      ffi (~> 1.0, >= 1.0.11)
    clamp (0.6.1)
    coderay (1.0.9)
    diff-lcs (1.1.3)
    ffi (1.9.0)
    fpm (0.4.40)
      arr-pm (~> 0.0.8)
      backports (>= 2.6.2)
      cabin (>= 0.6.0)
      childprocess
      clamp (~> 0.6)
      ftw (~> 0.0.30)
      json (>= 1.7.7)
    ftw (0.0.34)
      addressable
      backports (>= 2.6.2)
      cabin (> 0)
      http_parser.rb (= 0.5.3)
    http_parser.rb (0.5.3)
    ipaddress (0.8.0)
    json (1.8.0)
    metaclass (0.0.1)
    method_source (0.8.1)
    mime-types (1.23)
    minigit (0.0.4)
    minitest (5.0.6)
    mixlib-cli (1.3.0)
    mixlib-config (1.1.2)
    mixlib-log (1.6.0)
    mixlib-shellout (1.1.0)
    mocha (0.14.0)
      metaclass (~> 0.0.1)
    multi_json (1.7.7)
    ohai (6.16.0)
      ipaddress
      mixlib-cli
      mixlib-config
      mixlib-log
      mixlib-shellout
      systemu
      yajl-ruby
    predicated (0.2.6)
    pry (0.9.12.2)
      coderay (~> 1.0.5)
      method_source (~> 0.8)
      slop (~> 3.4)
    rake (10.1.0)
    ruby2ruby (2.0.6)
      ruby_parser (~> 3.1)
      sexp_processor (~> 4.0)
    ruby_parser (3.2.2)
      sexp_processor (~> 4.1)
    sexp_processor (4.2.1)
    simplecov (0.7.1)
      multi_json (~> 1.0)
      simplecov-html (~> 0.7.1)
    simplecov-html (0.7.1)
    slop (3.4.5)
    systemu (2.5.2)
    thor (0.18.1)
    uber-s3 (0.2.4)
      mime-types (~> 1.17)
    wrong (0.7.0)
      diff-lcs (~> 1.1.2)
      predicated (~> 0.2.6)
      ruby2ruby (>= 2.0.1)
      ruby_parser (>= 3.0.1)
      sexp_processor (>= 4.0)
    yajl-ruby (1.1.0)

PLATFORMS
  ruby

DEPENDENCIES
  bundler (~> 1.3)
  idk-cli!
  minitest
  mocha
  omnibus (~> 1.2.0)!
  omnibus-software!
  pry
  simplecov
  wrong (>= 0.7.0)
