GIT
  remote: git://github.com/3ofcoins/opscode-omnibus-software.git
  revision: e1671133cf7ce242f556b58ec8b95a185e06ed74
  branch: for/idk
  specs:
    omnibus-software (0.0.1)

PATH
  remote: files/idk-cli/
  specs:
    idk-cli (0.0.1.UNSPECIFIED)
      minigit (~> 0.0.4)
      thor (~> 0.18.1)

GEM
  remote: https://rubygems.org/
  specs:
    addressable (2.3.6)
    arr-pm (0.0.9)
      cabin (> 0)
    backports (3.6.0)
    builder (3.2.2)
    cabin (0.6.1)
    chef-sugar (1.2.6)
    childprocess (0.5.2)
      ffi (~> 1.0, >= 1.0.11)
    clamp (0.6.3)
    coderay (1.1.0)
    diff-lcs (1.2.5)
    docile (1.1.3)
    excon (0.32.1)
    ffi (1.9.3)
    filesize (0.0.3)
    fog (1.21.0)
      fog-brightbox
      fog-core (~> 1.21, >= 1.21.1)
      fog-json
      nokogiri (~> 1.5, >= 1.5.11)
    fog-brightbox (0.0.2)
      fog-core
      fog-json
    fog-core (1.21.1)
      builder
      excon (~> 0.32)
      formatador (~> 0.2.0)
      mime-types
      net-scp (~> 1.1)
      net-ssh (>= 2.1.3)
    fog-json (1.0.0)
      multi_json (~> 1.0)
    formatador (0.2.4)
    fpm (1.0.2)
      arr-pm (~> 0.0.8)
      backports (>= 2.6.2)
      cabin (>= 0.6.0)
      childprocess
      clamp (~> 0.6)
      ffi
      ftw (~> 0.0.30)
      json (>= 1.7.7)
    ftw (0.0.39)
      addressable
      backports (>= 2.6.2)
      cabin (> 0)
      http_parser.rb (= 0.5.3)
    http_parser.rb (0.5.3)
    ipaddress (0.8.0)
    json (1.8.1)
    kitchen-vagrant (0.14.0)
      test-kitchen (~> 1.0)
    metaclass (0.0.4)
    method_source (0.8.2)
    mime-types (1.25.1)
    mini_portile (0.5.3)
    minigit (0.0.4)
    minitest (5.3.2)
    mixlib-cli (1.4.0)
    mixlib-config (2.1.0)
    mixlib-log (1.6.0)
    mixlib-shellout (1.4.0)
    mocha (1.0.0)
      metaclass (~> 0.0.1)
    multi_json (1.9.2)
    net-scp (1.2.0)
      net-ssh (>= 2.6.5)
    net-ssh (2.8.0)
    nokogiri (1.6.1)
      mini_portile (~> 0.5.0)
    ohai (6.22.0)
      ipaddress
      mixlib-cli
      mixlib-config
      mixlib-log
      mixlib-shellout
      systemu (~> 2.5.2)
      yajl-ruby
    omnibus (3.0.0)
      chef-sugar (~> 1.2)
      fpm (~> 1.0.0)
      mixlib-config (~> 2.1)
      mixlib-shellout (~> 1.3)
      ohai (~> 6.12)
      thor (>= 0.16.0)
      uber-s3
    predicated (0.2.6)
    pry (0.9.12.6)
      coderay (~> 1.0)
      method_source (~> 0.8)
      slop (~> 3.4)
    ruby2ruby (2.0.8)
      ruby_parser (~> 3.1)
      sexp_processor (~> 4.0)
    ruby_parser (3.5.0)
      sexp_processor (~> 4.1)
    safe_yaml (1.0.2)
    sexp_processor (4.4.3)
    simplecov (0.8.2)
      docile (~> 1.1.0)
      multi_json
      simplecov-html (~> 0.8.0)
    simplecov-html (0.8.0)
    slop (3.5.0)
    systemu (2.5.2)
    test-kitchen (1.2.1)
      mixlib-shellout (~> 1.2)
      net-scp (~> 1.1)
      net-ssh (~> 2.7)
      safe_yaml (~> 1.0)
      thor (~> 0.18)
    thor (0.18.1)
    uber-s3 (0.2.4)
      mime-types (~> 1.17)
    unf (0.1.4)
      unf_ext
    unf_ext (0.0.6)
    wrong (0.7.1)
      diff-lcs (~> 1.2.5)
      predicated (~> 0.2.6)
      ruby2ruby (>= 2.0.1)
      ruby_parser (>= 3.0.1)
      sexp_processor (>= 4.0)
    yajl-ruby (1.2.0)

PLATFORMS
  ruby

DEPENDENCIES
  bundler
  filesize
  fog
  idk-cli!
  kitchen-vagrant
  minigit
  minitest
  mocha
  omnibus (~> 3.0)
  omnibus-software!
  pry
  simplecov
  test-kitchen (~> 1.2)
  unf
  wrong (>= 0.7.1)
