GIT
  remote: https://github.com/3ofcoins/nanodoc.git
  revision: 0610e74108379e97873a62c037b895371fbe22aa
  specs:
    nanodoc (0.0.1)
      deep_merge
      haml
      kramdown
      mahoro
      micromachine
      minigit
      multi_json
      nanoc
      nokogiri
      rubypants
      thor

GEM
  remote: https://rubygems.org/
  specs:
    addressable (2.3.5)
    arr-pm (0.0.8)
      cabin (> 0)
    awesome_print (1.1.0)
    backports (3.3.3)
    builder (3.2.2)
    cabin (0.6.1)
    celluloid (0.15.1)
      timers (~> 1.1.0)
    chef (11.6.0)
      erubis
      highline (>= 1.6.9)
      json (>= 1.4.4, <= 1.7.7)
      mixlib-authentication (>= 1.3.0)
      mixlib-cli (~> 1.3.0)
      mixlib-config (>= 1.1.2)
      mixlib-log (>= 1.3.0)
      mixlib-shellout
      net-ssh (~> 2.6)
      net-ssh-multi (~> 1.1.0)
      ohai (>= 0.6.0)
      rest-client (>= 1.0.4, < 1.7.0)
      yajl-ruby (~> 1.1)
    chef-vault (1.2.5)
      chef (>= 0.10.10)
    chef-zero (1.6)
      hashie (~> 2.0)
      json
      mixlib-log (~> 1.3)
      moneta (< 0.7.0)
      puma (~> 1.6)
    chefspec (2.0.1)
      chef (>= 10.0)
      erubis
      fauxhai (~> 1.1)
      minitest-chef-handler (>= 0.6.0)
      rspec (~> 2.0)
    childprocess (0.3.9)
      ffi (~> 1.0, >= 1.0.11)
    ci_reporter (1.9.0)
      builder (>= 2.1.2)
    clamp (0.6.1)
    coderay (1.0.9)
    colored (1.2)
    cri (2.4.0)
      colored (>= 1.2)
    deep_merge (1.0.0)
    diff-lcs (1.2.4)
    erubis (2.7.0)
    escape (0.0.4)
    excon (0.25.3)
    fauxhai (1.1.1)
      httparty
      net-ssh
      ohai
    ffi (1.9.0)
    fog (1.15.0)
      builder
      excon (~> 0.25.0)
      formatador (~> 0.2.0)
      mime-types
      multi_json (~> 1.0)
      net-scp (~> 1.1)
      net-ssh (>= 2.1.3)
      nokogiri (~> 1.5)
      ruby-hmac
    foodcritic (0.2.0)
    formatador (0.2.4)
    fpm (0.4.42)
      arr-pm (~> 0.0.8)
      backports (>= 2.6.2)
      cabin (>= 0.6.0)
      childprocess
      clamp (~> 0.6)
      ftw (~> 0.0.30)
      json (>= 1.7.7)
    ftw (0.0.34)
      addressable
      backports (>= 2.6.2)
      cabin (> 0)
      http_parser.rb (= 0.5.3)
    gpgme (2.0.2)
    haml (4.0.3)
      tilt
    hashie (2.0.5)
    highline (1.6.19)
    http_parser.rb (0.5.3)
    httparty (0.11.0)
      multi_json (~> 1.0)
      multi_xml (>= 0.5.2)
    ipaddress (0.8.0)
    json (1.7.7)
    kitchen-vagrant (0.11.1)
      test-kitchen (~> 1.0.0.beta.3)
    knife-backup (0.0.8)
      chef (>= 0.10.10)
    knife-briefcase (0.1.0)
      chef
      gpgme
      highline
    knife-cleanup (0.0.5)
      chef (>= 0.10.10)
    knife-config (1.1.0)
      chef (>= 0.10.0)
    knife-dns-update (0.0.1)
      chef
      fog (~> 1.9)
    knife-dwim (0.1.0)
      chef
    knife-essentials (1.5.4)
      chef
      chef-zero (>= 1.5)
    kramdown (1.2.0)
    mahoro (0.4)
    method_source (0.8.2)
    micromachine (1.1.0)
    mime-types (1.25)
    mini_portile (0.5.1)
    minigit (0.0.4)
    minitest (4.7.5)
    minitest-chef-handler (1.0.1)
      chef
      ci_reporter
      minitest (~> 4.7.3)
    mixlib-authentication (1.3.0)
      mixlib-log
    mixlib-cli (1.3.0)
    mixlib-config (1.1.2)
    mixlib-log (1.6.0)
    mixlib-shellout (1.0.0)
    moneta (0.6.0)
    multi_json (1.8.0)
    multi_xml (0.5.5)
    nanoc (3.6.4)
      cri (~> 2.3)
    net-scp (1.1.2)
      net-ssh (>= 2.6.5)
    net-ssh (2.7.0)
    net-ssh-gateway (1.2.0)
      net-ssh (>= 2.6.5)
    net-ssh-multi (1.1)
      net-ssh (>= 2.1.4)
      net-ssh-gateway (>= 0.99.0)
    nokogiri (1.6.0)
      mini_portile (~> 0.5.0)
    ohai (6.18.0)
      ipaddress
      mixlib-cli
      mixlib-config
      mixlib-log
      mixlib-shellout
      systemu
      yajl-ruby
    omnibus (1.2.0)
      fpm (~> 0.4.33)
      mixlib-config (~> 1.1.2)
      mixlib-shellout (~> 1.0)
      ohai (>= 0.6.12)
      rake (>= 0.9)
      thor (>= 0.16.0)
      uber-s3
    pry (0.9.12.2)
      coderay (~> 1.0.5)
      method_source (~> 0.8)
      slop (~> 3.4)
    puma (1.6.3)
      rack (~> 1.2)
    rack (1.5.2)
    rake (10.1.0)
    rest-client (1.6.7)
      mime-types (>= 1.16)
    rspec (2.14.1)
      rspec-core (~> 2.14.0)
      rspec-expectations (~> 2.14.0)
      rspec-mocks (~> 2.14.0)
    rspec-core (2.14.5)
    rspec-expectations (2.14.2)
      diff-lcs (>= 1.1.3, < 2.0)
    rspec-mocks (2.14.3)
    ruby-hmac (0.4.0)
    rubypants (0.2.0)
    safe_yaml (0.9.5)
    slop (3.4.6)
    strainer (0.2.1)
      chef (>= 10.10)
      term-ansicolor (~> 1.0.7)
    systemu (2.5.2)
    term-ansicolor (1.0.7)
    test-kitchen (1.0.0.beta.3)
      celluloid
      mixlib-shellout
      net-scp
      net-ssh
      pry
      safe_yaml (~> 0.9.5)
      thor
    thor (0.18.1)
    tilt (1.4.1)
    timers (1.1.0)
    uber-s3 (0.2.4)
      mime-types (~> 1.17)
    vendorificator (0.5.git.v0.4.0.63.g8e9d54d)
      awesome_print
      escape
      minigit (>= 0.0.3)
      thor (>= 0.18.1)
    yajl-ruby (1.1.0)

PLATFORMS
  ruby

DEPENDENCIES
  awesome_print
  chef-vault (~> 1.2.4)
  chefspec
  foodcritic
  kitchen-vagrant
  knife-backup
  knife-briefcase (~> 0.1.0)
  knife-cleanup
  knife-config
  knife-dns-update
  knife-dwim
  knife-essentials
  nanodoc!
  omnibus (~> 1.2.0)
  pry
  rake
  strainer
  test-kitchen (~> 1.0.0.alpha7)
  vendorificator (= 0.5.git.v0.4.0.63.g8e9d54d)
